GEM
  remote: https://rubygems.org/
  specs:
    aws-sdk (2.2.35)
      aws-sdk-resources (= 2.2.35)
    aws-sdk-core (2.2.35)
      jmespath (~> 1.0)
    aws-sdk-resources (2.2.35)
      aws-sdk-core (= 2.2.35)
    dotenv (2.1.1)
    jmespath (1.2.4)
      json_pure (>= 1.8.1)
    json_pure (1.8.3)

PLATFORMS
  ruby

DEPENDENCIES
  aws-sdk (~> 2)
  dotenv

BUNDLED WITH
   1.11.2
